GEM
  remote: http://rubygems.org/
  specs:
    ZenTest (4.7.0)
    addressable (2.2.7)
    async-rack (0.5.1)
      rack (~> 1.1)
    autotest (4.4.6)
      ZenTest (>= 4.4.1)
    coderay (1.0.5)
    daemons (1.1.8)
    diff-lcs (1.1.3)
    em-http-request (0.3.0)
      addressable (>= 2.0.0)
      escape_utils
      eventmachine (>= 0.12.9)
    em-resolv-replace (1.1.2)
    em-synchrony (0.2.0)
      eventmachine (>= 0.12.9)
    escape_utils (0.2.4)
    eventmachine (0.12.10)
    foreman (0.40.0)
      term-ansicolor (~> 1.0.7)
      thor (>= 0.13.6)
    method_source (0.7.1)
    pry (0.9.8.4)
      coderay (~> 1.0.5)
      method_source (~> 0.7.1)
      slop (>= 2.4.4, < 3)
    rack (1.4.1)
    rack-fiber_pool (0.9.1)
    rack-protection (1.2.0)
      rack
    rspec (2.9.0)
      rspec-core (~> 2.9.0)
      rspec-expectations (~> 2.9.0)
      rspec-mocks (~> 2.9.0)
    rspec-core (2.9.0)
    rspec-expectations (2.9.1)
      diff-lcs (~> 1.1.3)
    rspec-mocks (2.9.0)
    ruby2ruby (1.3.1)
      ruby_parser (~> 2.0)
      sexp_processor (~> 3.0)
    ruby_parser (2.3.1)
      sexp_processor (~> 3.0)
    sexp_processor (3.2.0)
    sinatra (1.3.2)
      rack (~> 1.3, >= 1.3.6)
      rack-protection (~> 1.2)
      tilt (~> 1.3, >= 1.3.3)
    sinatra-synchrony (0.1.1)
      async-rack
      em-http-request (= 0.3.0)
      em-resolv-replace
      em-synchrony (= 0.2.0)
      rack-fiber_pool (= 0.9.1)
      sinatra (>= 1.0)
    slop (2.4.4)
    term-ansicolor (1.0.7)
    thin (1.3.1)
      daemons (>= 1.0.9)
      eventmachine (>= 0.12.6)
      rack (>= 1.0.0)
    thor (0.14.6)
    tilt (1.3.3)

PLATFORMS
  ruby

DEPENDENCIES
  autotest
  foreman
  pry
  rspec
  ruby2ruby
  ruby_parser
  sinatra
  sinatra-synchrony
  thin
